GEM
  remote: https://rubygems.org/
  specs:
    ably (0.8.2)
      em-http-request (~> 1.1)
      eventmachine (~> 1.0)
      faraday (~> 0.9)
      json
      msgpack (= 0.6.0pre1)
      statesman (~> 1.0.0)
      websocket-driver (~> 0.3)
    addressable (2.3.8)
    cookiejar (0.3.2)
    em-http-request (1.1.2)
      addressable (>= 2.3.4)
      cookiejar
      em-socksify (>= 0.3)
      eventmachine (>= 1.0.3)
      http_parser.rb (>= 0.6.0)
    em-socksify (0.3.0)
      eventmachine (>= 1.0.0.beta.4)
    eventmachine (1.0.8)
    faraday (0.9.1)
      multipart-post (>= 1.2, < 3)
    http_parser.rb (0.6.0)
    json (1.8.3)
    msgpack (0.6.0pre1)
    multipart-post (2.0.0)
    rack (1.6.4)
    rack-protection (1.5.3)
      rack
    sinatra (1.4.6)
      rack (~> 1.4)
      rack-protection (~> 1.4)
      tilt (>= 1.3, < 3)
    statesman (1.0.0)
    tilt (2.0.1)
    websocket-driver (0.6.2)
      websocket-extensions (>= 0.1.0)
    websocket-extensions (0.1.2)

PLATFORMS
  ruby

DEPENDENCIES
  ably
  sinatra

BUNDLED WITH
   1.10.6
